GEM
  remote: https://rubygems.org/
  specs:
    addressable (2.8.1)
      public_suffix (>= 2.0.2, < 6.0)
    ast (2.4.0)
    backports (3.15.0)
    bcrypt_pbkdf (1.1.0.rc1)
    berkshelf (7.0.8)
      chef (>= 13.6.52)
      chef-config
      cleanroom (~> 1.0)
      concurrent-ruby (~> 1.0)
      minitar (>= 0.6)
      mixlib-archive (>= 0.4, < 2.0)
      mixlib-config (>= 2.2.5)
      mixlib-shellout (>= 2.0, < 4.0)
      octokit (~> 4.0)
      retryable (>= 2.0, < 4.0)
      solve (~> 4.0)
      thor (>= 0.20)
    builder (3.2.4)
    chef (16.7.61)
      addressable
      bcrypt_pbkdf (= 1.1.0.rc1)
      bundler (>= 1.10)
      chef-config (= 16.7.61)
      chef-utils (= 16.7.61)
      chef-vault
      chef-zero (>= 14.0.11)
      diff-lcs (>= 1.2.4, < 1.4.0)
      ed25519 (~> 1.2)
      erubis (~> 2.7)
      ffi (>= 1.9.25)
      ffi-libarchive (~> 1.0, >= 1.0.3)
      ffi-yajl (~> 2.2)
      highline (>= 1.6.9, < 3)
      iniparse (~> 1.4)
      license-acceptance (>= 1.0.5, < 3)
      mixlib-archive (>= 0.4, < 2.0)
      mixlib-authentication (>= 2.1, < 4)
      mixlib-cli (>= 2.1.1, < 3.0)
      mixlib-log (>= 2.0.3, < 4.0)
      mixlib-shellout (>= 3.1.1, < 4.0)
      net-sftp (>= 2.1.2, < 4.0)
      net-ssh (>= 4.2, < 7)
      net-ssh-multi (~> 1.2, >= 1.2.1)
      ohai (~> 16.0)
      pastel
      plist (~> 3.2)
      proxifier (~> 1.0)
      syslog-logger (~> 1.6)
      train-core (~> 3.2, >= 3.2.28)
      train-winrm (>= 0.2.5)
      tty-prompt (~> 0.21)
      tty-screen (~> 0.6)
      tty-table (~> 0.11)
      uuidtools (~> 2.1.5)
    chef-cli (5.6.1)
      addressable (>= 2.3.5, < 2.9)
      chef (>= 16.0)
      cookbook-omnifetch (~> 0.5)
      diff-lcs (>= 1.0, < 1.4)
      ffi-yajl (>= 1.0, < 3.0)
      license-acceptance (>= 1.0.11, < 3)
      minitar (~> 0.6)
      mixlib-cli (>= 1.7, < 3.0)
      mixlib-shellout (>= 2.0, < 4.0)
      pastel (~> 0.7)
      solve (> 2.0, < 5.0)
    chef-config (16.7.61)
      addressable
      chef-utils (= 16.7.61)
      fuzzyurl
      mixlib-config (>= 2.2.12, < 4.0)
      mixlib-shellout (>= 2.0, < 4.0)
      tomlrb (~> 1.2)
    chef-utils (16.7.61)
    chef-vault (4.1.10)
    chef-zero (15.0.11)
      ffi-yajl (~> 2.2)
      hashie (>= 2.0, < 5.0)
      mixlib-log (>= 2.0, < 4.0)
      rack (~> 2.0, >= 2.0.6)
      uuidtools (~> 2.1)
      webrick
    chefspec (9.0.0)
      chef (>= 14)
      chef-cli
      fauxhai-ng (>= 7.5)
      rspec (~> 3.0)
    cleanroom (1.0.0)
    coderay (1.1.2)
    concurrent-ruby (1.1.5)
    cookbook-omnifetch (0.12.2)
      mixlib-archive (>= 0.4, < 2.0)
    cucumber-core (3.2.1)
      backports (>= 3.8.0)
      cucumber-tag_expressions (~> 1.1.0)
      gherkin (~> 5.0)
    cucumber-tag_expressions (1.1.1)
    diff-lcs (1.3)
    ed25519 (1.3.0)
    erubi (1.11.0)
    erubis (2.7.0)
    faraday (2.6.0)
      faraday-net_http (>= 2.0, < 3.1)
      ruby2_keywords (>= 0.0.4)
    faraday-net_http (3.0.0)
    fauxhai-ng (7.5.1)
      net-ssh
    ffi (1.15.5)
    ffi-libarchive (1.1.3)
      ffi (~> 1.0)
    ffi-yajl (2.4.0)
      libyajl2 (>= 1.2)
    foodcritic (16.2.0)
      cucumber-core (>= 1.3, < 4.0)
      erubis
      ffi-yajl (~> 2.0)
      nokogiri (>= 1.5, < 2.0)
      rake
      rufus-lru (~> 1.0)
      treetop (~> 1.4)
    formatador (0.2.5)
    fuzzyurl (0.9.0)
    gherkin (5.1.0)
    growl (1.0.3)
    gssapi (1.3.1)
      ffi (>= 1.0.1)
    guard (2.16.1)
      formatador (>= 0.2.4)
      listen (>= 2.7, < 4.0)
      lumberjack (>= 1.0.12, < 2.0)
      nenv (~> 0.1)
      notiffany (~> 0.0)
      pry (>= 0.9.12)
      shellany (~> 0.0)
      thor (>= 0.18.1)
    guard-compat (1.2.1)
    guard-foodcritic (3.0.0)
      foodcritic (>= 8)
      guard (~> 2.12)
      guard-compat (~> 1.2)
    guard-kitchen (0.1.0)
      guard (> 2.0.0)
      mixlib-shellout
    guard-rspec (4.7.3)
      guard (~> 2.1)
      guard-compat (~> 1.1)
      rspec (>= 2.99.0, < 4.0)
    guard-rubocop (1.3.0)
      guard (~> 2.0)
      rubocop (~> 0.20)
    gyoku (1.4.0)
      builder (>= 2.1.2)
      rexml (~> 3.0)
    hashie (4.1.0)
    highline (2.0.3)
    httpclient (2.8.3)
    iniparse (1.5.0)
    ipaddress (0.8.3)
    jaro_winkler (1.5.4)
    json (2.6.2)
    kitchen-vagrant (1.6.0)
      test-kitchen (>= 1.4, < 3)
    libyajl2 (2.1.0)
    license-acceptance (1.0.19)
      pastel (~> 0.7)
      tomlrb (~> 1.2)
      tty-box (~> 0.3)
      tty-prompt (~> 0.18)
    listen (3.2.1)
      rb-fsevent (~> 0.10, >= 0.10.3)
      rb-inotify (~> 0.9, >= 0.9.10)
    little-plugger (1.1.4)
    logging (2.3.1)
      little-plugger (~> 1.1)
      multi_json (~> 1.14)
    lumberjack (1.0.13)
    method_source (0.9.2)
    mini_portile2 (2.4.0)
    minitar (0.9)
    mixlib-archive (1.1.7)
      mixlib-log
    mixlib-authentication (3.0.10)
    mixlib-cli (2.1.8)
    mixlib-config (3.0.27)
      tomlrb
    mixlib-install (3.11.24)
      mixlib-shellout
      mixlib-versioning
      thor
    mixlib-log (3.0.9)
    mixlib-shellout (3.2.7)
      chef-utils
    mixlib-versioning (1.2.7)
    molinillo (0.8.0)
    multi_json (1.15.0)
    nenv (0.3.0)
    net-scp (2.0.0)
      net-ssh (>= 2.6.5, < 6.0.0)
    net-sftp (3.0.0)
      net-ssh (>= 5.0.0, < 7.0.0)
    net-ssh (5.2.0)
    net-ssh-gateway (2.0.0)
      net-ssh (>= 4.0.0)
    net-ssh-multi (1.2.1)
      net-ssh (>= 2.6.5)
      net-ssh-gateway (>= 1.2.0)
    nokogiri (1.10.7)
      mini_portile2 (~> 2.4.0)
    nori (2.6.0)
    notiffany (0.1.3)
      nenv (~> 0.1)
      shellany (~> 0.0)
    octokit (4.25.1)
      faraday (>= 1, < 3)
      sawyer (~> 0.9)
    ohai (16.17.0)
      chef-config (>= 14.12, < 17)
      chef-utils (>= 16.0, < 17)
      ffi (~> 1.9)
      ffi-yajl (~> 2.2)
      ipaddress
      mixlib-cli (>= 1.7.0)
      mixlib-config (>= 2.0, < 4.0)
      mixlib-log (>= 2.0.1, < 4.0)
      mixlib-shellout (~> 3.2, >= 3.2.5)
      plist (~> 3.1)
      train-core
      wmi-lite (~> 1.0)
    parallel (1.19.1)
    parser (2.6.5.0)
      ast (~> 2.4.0)
    pastel (0.8.0)
      tty-color (~> 0.5)
    plist (3.6.0)
    polyglot (0.3.5)
    proxifier (1.0.3)
    pry (0.12.2)
      coderay (~> 1.1.0)
      method_source (~> 0.9.0)
    public_suffix (5.0.0)
    rack (2.2.4)
    rainbow (3.0.0)
    rake (13.0.1)
    rb-fsevent (0.10.3)
    rb-inotify (0.10.1)
      ffi (~> 1.0)
    retryable (3.0.5)
    rexml (3.2.5)
    rspec (3.9.0)
      rspec-core (~> 3.9.0)
      rspec-expectations (~> 3.9.0)
      rspec-mocks (~> 3.9.0)
    rspec-core (3.9.0)
      rspec-support (~> 3.9.0)
    rspec-expectations (3.9.0)
      diff-lcs (>= 1.2.0, < 2.0)
      rspec-support (~> 3.9.0)
    rspec-mocks (3.9.0)
      diff-lcs (>= 1.2.0, < 2.0)
      rspec-support (~> 3.9.0)
    rspec-support (3.9.0)
    rubocop (0.78.0)
      jaro_winkler (~> 1.5.1)
      parallel (~> 1.10)
      parser (>= 2.6)
      rainbow (>= 2.2.2, < 4.0)
      ruby-progressbar (~> 1.7)
      unicode-display_width (>= 1.4.0, < 1.7)
    ruby-progressbar (1.10.1)
    ruby2_keywords (0.0.5)
    ruby_gntp (0.3.4)
    rubyntlm (0.6.3)
    rubyzip (2.3.2)
    rufus-lru (1.1.0)
    sawyer (0.9.2)
      addressable (>= 2.3.5)
      faraday (>= 0.17.3, < 3)
    semverse (3.0.2)
    shellany (0.0.1)
    solve (4.0.4)
      molinillo (~> 0.6)
      semverse (>= 1.1, < 4.0)
    strings (0.2.1)
      strings-ansi (~> 0.2)
      unicode-display_width (>= 1.5, < 3.0)
      unicode_utils (~> 1.4)
    strings-ansi (0.2.0)
    syslog-logger (1.6.8)
    test-kitchen (2.3.4)
      bcrypt_pbkdf (~> 1.0)
      ed25519 (~> 1.2)
      license-acceptance (~> 1.0, >= 1.0.11)
      mixlib-install (~> 3.6)
      mixlib-shellout (>= 1.2, < 4.0)
      net-scp (>= 1.1, < 3.0)
      net-ssh (>= 2.9, < 6.0)
      net-ssh-gateway (>= 1.2, < 3.0)
      thor (~> 0.19)
      winrm (~> 2.0)
      winrm-elevated (~> 1.0)
      winrm-fs (~> 1.1)
    thor (0.20.3)
    tomlrb (1.3.0)
    train-core (3.10.1)
      addressable (~> 2.5)
      ffi (!= 1.13.0)
      json (>= 1.8, < 3.0)
      mixlib-shellout (>= 2.0, < 4.0)
      net-scp (>= 1.2, < 4.0)
      net-ssh (>= 2.9, < 7.0)
    train-winrm (0.2.6)
      winrm (~> 2.0)
      winrm-fs (~> 1.0)
    treetop (1.6.10)
      polyglot (~> 0.3)
    tty-box (0.7.0)
      pastel (~> 0.8)
      strings (~> 0.2.0)
      tty-cursor (~> 0.7)
    tty-color (0.6.0)
    tty-cursor (0.7.1)
    tty-prompt (0.23.1)
      pastel (~> 0.8)
      tty-reader (~> 0.8)
    tty-reader (0.9.0)
      tty-cursor (~> 0.7)
      tty-screen (~> 0.8)
      wisper (~> 2.0)
    tty-screen (0.8.1)
    tty-table (0.12.0)
      pastel (~> 0.8)
      strings (~> 0.2.0)
      tty-screen (~> 0.8)
    unicode-display_width (1.6.1)
    unicode_utils (1.4.0)
    uuidtools (2.1.5)
    webrick (1.7.0)
    winrm (2.3.6)
      builder (>= 2.1.2)
      erubi (~> 1.8)
      gssapi (~> 1.2)
      gyoku (~> 1.0)
      httpclient (~> 2.2, >= 2.2.0.2)
      logging (>= 1.6.1, < 3.0)
      nori (~> 2.0)
      rubyntlm (~> 0.6.0, >= 0.6.3)
    winrm-elevated (1.1.2)
      erubi (~> 1.8)
      winrm (~> 2.0)
      winrm-fs (~> 1.0)
    winrm-fs (1.3.5)
      erubi (~> 1.8)
      logging (>= 1.6.1, < 3.0)
      rubyzip (~> 2.0)
      winrm (~> 2.0)
    wisper (2.0.1)
    wmi-lite (1.0.7)

PLATFORMS
  ruby

DEPENDENCIES
  berkshelf
  chefspec
  foodcritic (~> 16.0)
  growl
  guard
  guard-foodcritic
  guard-kitchen
  guard-rspec
  guard-rubocop
  kitchen-vagrant
  rake
  rb-fsevent
  rubocop
  ruby_gntp
  test-kitchen

BUNDLED WITH
   1.16.1
